GEM
  remote: http://rubygems.org/
  specs:
    Ascii85 (1.0.0)
    actionmailer (2.3.8)
      actionpack (= 2.3.8)
    actionpack (2.3.8)
      activesupport (= 2.3.8)
      rack (~> 1.1.0)
    activeldap (1.2.2)
      activerecord (= 2.3.8)
      gettext (= 2.1.0)
      gettext_activerecord (= 2.1.0)
      locale (= 2.0.5)
    activerecord (2.3.8)
      activesupport (= 2.3.8)
    activeresource (2.3.8)
      activesupport (= 2.3.8)
    activesupport (2.3.8)
    builder (3.0.0)
    columnize (0.3.2)
    cucumber (0.10.0)
      builder (>= 2.1.2)
      diff-lcs (~> 1.1.2)
      gherkin (~> 2.3.2)
      json (~> 1.4.6)
      term-ansicolor (~> 1.0.5)
    cucumber-rails (0.3.2)
      cucumber (>= 0.8.0)
    diff-lcs (1.1.2)
    gettext (2.1.0)
      locale (>= 2.0.5)
    gettext_activerecord (2.1.0)
      activerecord (>= 2.3.2)
      gettext (>= 2.1.0)
    gherkin (2.3.5)
      json (>= 1.4.6)
    json (1.4.6)
    linecache (0.43)
    locale (2.0.5)
    net-ldap (0.2.2)
    nokogiri (1.5.0)
    pdf-reader (0.9.1)
      Ascii85 (>= 0.9)
    pg (0.12.0)
      rake-compiler (~> 0.7)
    prawn (0.11.1)
      pdf-reader (>= 0.9.0)
      ttfunk (~> 1.0.0)
    puavo_authentication (0.0.17)
    puavo_organisation (0.0.4)
    rack (1.1.3)
    rack-test (0.6.1)
      rack (>= 1.0)
    rails (2.3.8)
      actionmailer (= 2.3.8)
      actionpack (= 2.3.8)
      activerecord (= 2.3.8)
      activeresource (= 2.3.8)
      activesupport (= 2.3.8)
      rake (>= 0.8.3)
    rake (0.8.7)
    rake-compiler (0.7.9)
      rake
    rmagick (2.13.1)
    rspec (1.3.0)
    rspec-rails (1.3.2)
      rack (>= 1.0.0)
      rspec (>= 1.3.0)
    ruby-debug (0.10.4)
      columnize (>= 0.1)
      ruby-debug-base (~> 0.10.4.0)
    ruby-debug-base (0.10.4)
      linecache (>= 0.3)
    ruby-prof (0.9.2)
    sqlite3 (1.3.5)
    sqlite3-ruby (1.3.3)
      sqlite3 (>= 1.3.3)
    term-ansicolor (1.0.5)
    ttfunk (1.0.1)
    webrat (0.7.3)
      nokogiri (>= 1.2.0)
      rack (>= 1.0)
      rack-test (>= 0.5.3)

PLATFORMS
  ruby

DEPENDENCIES
  activeldap
  cucumber (= 0.10.0)
  cucumber-rails
  net-ldap (= 0.2.2)
  pg
  prawn
  puavo_authentication (>= 0.0.17)
  puavo_organisation
  rails (= 2.3.8)
  rmagick
  rspec (= 1.3.0)
  rspec-rails (= 1.3.2)
  ruby-debug
  ruby-prof
  sqlite3-ruby
  webrat
