GEM
  remote: http://rubygems.org/
  specs:
    Ascii85 (1.0.0)
    actionmailer (2.3.14)
      actionpack (= 2.3.14)
    actionpack (2.3.14)
      activesupport (= 2.3.14)
      rack (~> 1.1.0)
    activeldap (1.2.4)
      activerecord (~> 2.3.11)
      fast_gettext (= 0.5.8)
      gettext_i18n_rails (= 0.2.2)
      locale (= 2.0.5)
    activerecord (2.3.14)
      activesupport (= 2.3.14)
    activeresource (2.3.14)
      activesupport (= 2.3.14)
    activesupport (2.3.14)
    bond (0.4.2)
    builder (3.0.0)
    colorize (0.5.8)
    columnize (0.3.2)
    cucumber (0.10.0)
      builder (>= 2.1.2)
      diff-lcs (~> 1.1.2)
      gherkin (~> 2.3.2)
      json (~> 1.4.6)
      term-ansicolor (~> 1.0.5)
    cucumber-rails (0.3.2)
      cucumber (>= 0.8.0)
    diff-lcs (1.1.2)
    fast_gettext (0.5.8)
    ffi (1.0.11)
    gettext_i18n_rails (0.2.2)
      fast_gettext
    gherkin (2.3.5)
      json (>= 1.4.6)
    json (1.4.6)
    linecache (0.43)
    locale (2.0.5)
    macaddr (1.6.0)
      systemu (~> 2.2.0)
    msgpack (0.4.7)
    net-ldap (0.2.2)
    nokogiri (1.5.0)
    pdf-reader (0.9.1)
      Ascii85 (>= 0.9)
    pg (0.12.0)
      rake-compiler (~> 0.7)
    prawn (0.11.1)
      pdf-reader (>= 0.9.0)
      ttfunk (~> 1.0.0)
    puavo_authentication (0.2.3)
    rack (1.1.3)
    rack-test (0.6.1)
      rack (>= 1.0)
    rails (2.3.14)
      actionmailer (= 2.3.14)
      actionpack (= 2.3.14)
      activerecord (= 2.3.14)
      activeresource (= 2.3.14)
      activesupport (= 2.3.14)
      rake (>= 0.8.3)
    rake (0.9.2.2)
    rake-compiler (0.7.9)
      rake
    rbtrace (0.3.18)
      ffi (>= 1.0.6)
      msgpack (>= 0.4.3)
      trollop (>= 1.16.2)
    rmagick (2.13.1)
    rspec (1.3.0)
    rspec-rails (1.3.2)
      rack (>= 1.0.0)
      rspec (>= 1.3.0)
    ruby-debug (0.10.4)
      columnize (>= 0.1)
      ruby-debug-base (~> 0.10.4.0)
    ruby-debug-base (0.10.4)
      linecache (>= 0.3)
    ruby-debug-completion (0.2.1)
      bond (>= 0.3.3)
    ruby-prof (0.9.2)
    sqlite3 (1.3.5)
    sqlite3-ruby (1.3.3)
      sqlite3 (>= 1.3.3)
    systemu (2.2.0)
    term-ansicolor (1.0.5)
    timecop (0.3.5)
    trollop (1.16.2)
    ttfunk (1.0.1)
    uuid (2.3.5)
      macaddr (~> 1.0)
    webrat (0.7.3)
      nokogiri (>= 1.2.0)
      rack (>= 1.0)
      rack-test (>= 0.5.3)

PLATFORMS
  ruby

DEPENDENCIES
  activeldap (= 1.2.4)
  colorize
  cucumber
  cucumber-rails (= 0.3.2)
  net-ldap (= 0.2.2)
  pg
  prawn
  puavo_authentication (= 0.2.3)
  rails (= 2.3.14)
  rbtrace
  rmagick
  rspec (= 1.3.0)
  rspec-rails (= 1.3.2)
  ruby-debug
  ruby-debug-completion
  ruby-prof
  sqlite3-ruby
  timecop
  uuid
  webrat (= 0.7.3)
