GEM
  remote: http://rubygems.org/
  specs:
    Ascii85 (1.0.2)
    actionmailer (2.3.17)
      actionpack (= 2.3.17)
    actionpack (2.3.17)
      activesupport (= 2.3.17)
      rack (~> 1.1.0)
    activeldap (1.2.4)
      activerecord (~> 2.3.11)
      fast_gettext (= 0.5.8)
      gettext_i18n_rails (= 0.2.2)
      locale (= 2.0.5)
    activerecord (2.3.17)
      activesupport (= 2.3.17)
    activeresource (2.3.17)
      activesupport (= 2.3.17)
    activesupport (2.3.17)
    afm (0.2.0)
    bond (0.4.3)
    builder (3.1.4)
    colorize (0.5.8)
    columnize (0.3.6)
    cucumber (1.2.1)
      builder (>= 2.1.2)
      diff-lcs (>= 1.1.3)
      gherkin (~> 2.11.0)
      json (>= 1.4.6)
    cucumber-rails (0.3.2)
      cucumber (>= 0.8.0)
    diff-lcs (1.2.1)
    fast_gettext (0.5.8)
    ffi (1.3.1)
    gettext_i18n_rails (0.2.2)
      fast_gettext
    gherkin (2.11.6)
      json (>= 1.7.6)
    hashery (2.1.0)
    json (1.7.7)
    linecache (0.46)
      rbx-require-relative (> 0.0.4)
    locale (2.0.5)
    macaddr (1.6.1)
      systemu (~> 2.5.0)
    msgpack (0.5.2)
    net-ldap (0.2.2)
    nokogiri (1.5.6)
    pdf-reader (1.3.1)
      Ascii85 (~> 1.0.0)
      afm (~> 0.2.0)
      hashery (~> 2.0)
      ruby-rc4
      ttfunk
    pg (0.14.1)
    prawn (0.12.0)
      pdf-reader (>= 0.9.0)
      ttfunk (~> 1.0.2)
    puavo_authentication (0.2.5)
    rack (1.1.6)
    rack-test (0.6.2)
      rack (>= 1.0)
    rails (2.3.17)
      actionmailer (= 2.3.17)
      actionpack (= 2.3.17)
      activerecord (= 2.3.17)
      activeresource (= 2.3.17)
      activesupport (= 2.3.17)
      rake (>= 0.8.3)
    rake (10.0.3)
    rbtrace (0.3.18)
      ffi (>= 1.0.6)
      msgpack (>= 0.4.3)
      trollop (>= 1.16.2)
    rbx-require-relative (0.0.9)
    rmagick (2.13.2)
    rspec (1.3.0)
    rspec-rails (1.3.2)
      rack (>= 1.0.0)
      rspec (>= 1.3.0)
    ruby-debug (0.10.4)
      columnize (>= 0.1)
      ruby-debug-base (~> 0.10.4.0)
    ruby-debug-base (0.10.4)
      linecache (>= 0.3)
    ruby-debug-completion (0.2.1)
      bond (>= 0.3.3)
    ruby-prof (0.12.1)
    ruby-rc4 (0.1.5)
    sqlite3 (1.3.7)
    sqlite3-ruby (1.3.3)
      sqlite3 (>= 1.3.3)
    systemu (2.5.2)
    timecop (0.5.9.2)
    trollop (2.0)
    ttfunk (1.0.3)
    uuid (2.3.6)
      macaddr (~> 1.0)
    webrat (0.7.3)
      nokogiri (>= 1.2.0)
      rack (>= 1.0)
      rack-test (>= 0.5.3)

PLATFORMS
  ruby

DEPENDENCIES
  activeldap (= 1.2.4)
  colorize
  cucumber
  cucumber-rails (= 0.3.2)
  net-ldap (= 0.2.2)
  pg
  prawn
  puavo_authentication (= 0.2.5)
  rails (= 2.3.17)
  rbtrace
  rmagick
  rspec (= 1.3.0)
  rspec-rails (= 1.3.2)
  ruby-debug
  ruby-debug-completion
  ruby-prof
  sqlite3-ruby
  timecop
  uuid
  webrat (= 0.7.3)
