GEM
  remote: http://rubygems.org/
  specs:
    actionmailer (2.3.8)
      actionpack (= 2.3.8)
    actionpack (2.3.8)
      activesupport (= 2.3.8)
      rack (~> 1.1.0)
    activeldap (1.2.2)
      activerecord (= 2.3.8)
      gettext (= 2.1.0)
      gettext_activerecord (= 2.1.0)
      locale (= 2.0.5)
    activerecord (2.3.8)
      activesupport (= 2.3.8)
    activeresource (2.3.8)
      activesupport (= 2.3.8)
    activesupport (2.3.8)
    gettext (2.1.0)
      locale (>= 2.0.5)
    gettext_activerecord (2.1.0)
      activerecord (>= 2.3.2)
      gettext (>= 2.1.0)
    json (1.4.6)
    locale (2.0.5)
    net-ldap (0.1.1)
    puavo_authentication (0.0.4)
    puavo_organisation (0.0.2)
    rack (1.1.0)
    rails (2.3.8)
      actionmailer (= 2.3.8)
      actionpack (= 2.3.8)
      activerecord (= 2.3.8)
      activeresource (= 2.3.8)
      activesupport (= 2.3.8)
      rake (>= 0.8.3)
    rake (0.8.7)
    sqlite3-ruby (1.3.1)

PLATFORMS
  ruby

DEPENDENCIES
  activeldap
  json
  net-ldap
  puavo_authentication
  puavo_organisation
  rails (= 2.3.8)
  sqlite3-ruby
