GEM
  remote: http://rubygems.org/
  specs:
    backports (3.3.1)
    coderay (1.0.9)
    columnize (0.3.6)
    debugger (1.6.0)
      columnize (>= 0.3.1)
      debugger-linecache (~> 1.2.0)
      debugger-ruby_core_source (~> 1.2.1)
    debugger-linecache (1.2.0)
    debugger-ruby_core_source (1.2.2)
    eventmachine (1.0.3)
    m (1.3.2)
      method_source (>= 0.6.7)
      rake (>= 0.9.2.2)
    macaddr (1.6.1)
      systemu (~> 2.5.0)
    method_source (0.8.1)
    multi_json (1.7.6)
    pry (0.9.12.2)
      coderay (~> 1.0.5)
      method_source (~> 0.8)
      slop (~> 3.4)
    puma (2.0.1)
      rack (>= 1.1, < 2.0)
    rack (1.5.2)
    rack-protection (1.5.0)
      rack
    rack-test (0.6.2)
      rack (>= 1.0)
    rake (10.0.4)
    shotgun (0.9)
      rack (>= 1.0)
    sinatra (1.3.6)
      rack (~> 1.4)
      rack-protection (~> 1.3)
      tilt (~> 1.3, >= 1.3.3)
    sinatra-contrib (1.3.2)
      backports (>= 2.0)
      eventmachine
      rack-protection
      rack-test
      sinatra (~> 1.3.0)
      tilt (~> 1.3)
    slop (3.4.5)
    systemu (2.5.2)
    tilt (1.4.1)
    timecop (0.6.1)
    uuid (2.3.7)
      macaddr (~> 1.0)
    yard (0.8.6.1)

PLATFORMS
  ruby

DEPENDENCIES
  debugger
  m
  multi_json
  pry
  puma
  shotgun
  sinatra (~> 1.3.0)
  sinatra-contrib
  timecop
  uuid
  yard
