GIT
  remote: https://github.com/opinsys/gssapi.git
  revision: 0a44f24ddd5cfc6ee523952392b17da57ecd9777
  branch: gss_krb5_copy_ccache
  specs:
    gssapi (1.1.2)
      ffi (>= 1.0.1)

GIT
  remote: https://github.com/resque/resque.git
  revision: 74c2025ab5fa46cdcbc4e13c4e3d044d46443fa0
  ref: 74c2025ab5fa46cdcbc4e13c4e3d044d46443fa0
  specs:
    resque (1.25.1)
      mono_logger (~> 1.0)
      multi_json (~> 1.0)
      redis-namespace (~> 1.2)
      sinatra (>= 0.9.2)
      vegas (~> 0.1.2)

GEM
  remote: http://rubygems.org/
  specs:
    actionmailer (3.2.19)
      actionpack (= 3.2.19)
      mail (~> 2.5.4)
    actionpack (3.2.19)
      activemodel (= 3.2.19)
      activesupport (= 3.2.19)
      builder (~> 3.0.0)
      erubis (~> 2.7.0)
      journey (~> 1.0.4)
      rack (~> 1.4.5)
      rack-cache (~> 1.2)
      rack-test (~> 0.6.1)
      sprockets (~> 2.2.1)
    activeldap (3.2.2)
      activemodel (~> 3.2.8)
      gettext
      gettext_i18n_rails
      locale
    activemodel (3.2.19)
      activesupport (= 3.2.19)
      builder (~> 3.0.0)
    activerecord (3.2.19)
      activemodel (= 3.2.19)
      activesupport (= 3.2.19)
      arel (~> 3.0.2)
      tzinfo (~> 0.3.29)
    activeresource (3.2.19)
      activemodel (= 3.2.19)
      activesupport (= 3.2.19)
    activesupport (3.2.19)
      i18n (~> 0.6, >= 0.6.4)
      multi_json (~> 1.0)
    addressable (2.3.6)
    ansi (1.4.3)
    arel (3.0.3)
    backports (3.6.3)
    builder (3.0.4)
    coderay (1.1.0)
    colorize (0.7.3)
    columnize (0.8.9)
    crack (0.4.2)
      safe_yaml (~> 1.0.0)
    debugger (1.6.8)
      columnize (>= 0.3.1)
      debugger-linecache (~> 1.2.0)
      debugger-ruby_core_source (~> 1.3.5)
    debugger-linecache (1.2.0)
    debugger-ruby_core_source (1.3.5)
    erubis (2.7.0)
    execjs (2.2.2)
    fast_gettext (0.9.0)
    ffi (1.9.6)
    fluent-logger (0.4.9)
      msgpack (>= 0.4.4, < 0.6.0, != 0.5.3, != 0.5.2, != 0.5.1, != 0.5.0)
      yajl-ruby (~> 1.0)
    gettext (3.1.4)
      locale (>= 2.0.5)
      text
    gettext_i18n_rails (1.1.0)
      fast_gettext (>= 0.9.0)
    gibberish (1.4.0)
    hike (1.2.3)
    httparty (0.13.1)
      json (~> 1.8)
      multi_xml (>= 0.5.2)
    i18n (0.6.11)
    icalendar (1.5.4)
    journey (1.0.4)
    json (1.8.1)
    jwt (0.1.13)
      multi_json (>= 1.5)
    locale (2.1.0)
    m (1.3.2)
      method_source (>= 0.6.7)
      rake (>= 0.9.2.2)
    macaddr (1.7.1)
      systemu (~> 2.6.2)
    mail (2.5.4)
      mime-types (~> 1.16)
      treetop (~> 1.4.8)
    method_source (0.8.2)
    mime-types (1.25.1)
    mini_portile (0.6.0)
    minitest (4.7.5)
    mono_logger (1.1.0)
    msgpack (0.5.9)
    multi_json (1.8.4)
    multi_xml (0.5.5)
    net-ldap (0.9.0)
    nokogiri (1.6.3.1)
      mini_portile (= 0.6.0)
    pdf-core (0.4.0)
    polyglot (0.3.5)
    pony (1.11)
      mail (>= 2.0)
    prawn (1.3.0)
      pdf-core (~> 0.4.0)
      ttfunk (~> 1.4.0)
    pry (0.10.1)
      coderay (~> 1.1.0)
      method_source (~> 0.8.1)
      slop (~> 3.4)
    puma (2.7.1)
      rack (>= 1.1, < 2.0)
    r18n-core (1.1.11)
    rack (1.4.5)
    rack-cache (1.2)
      rack (>= 0.4)
    rack-protection (1.5.3)
      rack
    rack-rewrite (1.4.1)
    rack-ssl (1.3.4)
      rack
    rack-test (0.6.2)
      rack (>= 1.0)
    rails (3.2.19)
      actionmailer (= 3.2.19)
      actionpack (= 3.2.19)
      activerecord (= 3.2.19)
      activeresource (= 3.2.19)
      activesupport (= 3.2.19)
      bundler (~> 1.0)
      railties (= 3.2.19)
    railties (3.2.19)
      actionpack (= 3.2.19)
      activesupport (= 3.2.19)
      rack-ssl (~> 1.3.2)
      rake (>= 0.8.7)
      rdoc (~> 3.4)
      thor (>= 0.14.6, < 2.0)
    rake (10.3.2)
    rdoc (3.12.2)
      json (~> 1.4)
    redcarpet (3.2.0)
    redis (3.1.0)
    redis-namespace (1.5.1)
      redis (~> 3.0, >= 3.0.4)
    ripper-tags (0.1.3)
      yajl-ruby
    rmagick (2.13.3)
    safe_yaml (1.0.4)
    shotgun (0.9)
      rack (>= 1.0)
    sinatra (1.4.5)
      rack (~> 1.4)
      rack-protection (~> 1.4)
      tilt (~> 1.3, >= 1.3.4)
    sinatra-contrib (1.4.2)
      backports (>= 2.0)
      multi_json
      rack-protection
      rack-test
      sinatra (~> 1.4.0)
      tilt (~> 1.3)
    sinatra-r18n (1.1.11)
      r18n-core (= 1.1.11)
      sinatra (>= 1.3)
    sinatra-support (1.2.2)
      sinatra (>= 1.0)
    slop (3.6.0)
    sprockets (2.2.2)
      hike (~> 1.2)
      multi_json (~> 1.0)
      rack (~> 1.0)
      tilt (~> 1.1, != 1.3.0)
    sqlite3 (1.3.9)
    systemu (2.6.4)
    text (1.3.0)
    thor (0.19.1)
    tilt (1.4.1)
    timecop (0.7.1)
    treetop (1.4.15)
      polyglot
      polyglot (>= 0.3.1)
    ttfunk (1.4.0)
    turn (0.9.7)
      ansi
      minitest (~> 4)
    tzinfo (0.3.42)
    uglifier (2.5.3)
      execjs (>= 0.3.0)
      json (>= 1.8.0)
    uuid (2.3.7)
      macaddr (~> 1.0)
    vegas (0.1.11)
      rack (>= 1.0.0)
    webmock (1.20.0)
      addressable (>= 2.3.6)
      crack (>= 0.3.2)
    yajl-ruby (1.2.1)

PLATFORMS
  ruby

DEPENDENCIES
  activeldap
  addressable
  colorize
  debugger
  fluent-logger (~> 0.4.3)
  gibberish
  gssapi!
  httparty
  icalendar (~> 1.5.0)
  jwt (~> 0.1.8)
  m
  msgpack
  multi_json (~> 1.8.4)
  net-ldap
  nokogiri
  pony
  prawn
  pry
  puma (~> 2.7.1)
  rack-rewrite (~> 1.4.01)
  rails (~> 3.2.16)
  rdoc
  redcarpet
  redis
  redis-namespace
  resque!
  ripper-tags
  rmagick
  shotgun
  sinatra (~> 1.4.4)
  sinatra-contrib
  sinatra-r18n (~> 1.1.8)
  sinatra-support
  sqlite3
  timecop
  turn
  uglifier
  uuid
  webmock
  yajl-ruby
